GEM
  remote: http://rubygems.org/
  specs:
    activesupport (3.0.3)
    fastercsv (1.5.3)
    hoe (2.8.0)
      rake (>= 0.8.7)
    hpricot (0.8.3)
    i18n (0.5.0)
    ofx-parser (1.0.2)
      hoe (>= 1.5.1)
      hpricot (>= 0.6)
    rake (0.8.7)

PLATFORMS
  ruby

DEPENDENCIES
  activesupport
  fastercsv
  i18n
  ofx-parser
